RESTRICTION: >= net45
NUGET
  remote: https://www.nuget.org/api/v2
    FSharp.Core (4.3.4)
    FSharp.Data (2.4.6)
    MathNet.Numerics (4.4)
    MathNet.Numerics.FSharp (4.4)
      FSharp.Core (>= 4.3.3)
      MathNet.Numerics (>= 4.4)
